GEM
  remote: https://rubygems.org/
  specs:
    ast (2.3.0)
    coderay (1.1.1)
    diff-lcs (1.3)
    method_source (0.8.2)
    parser (2.4.0.0)
      ast (~> 2.2)
    powerpack (0.1.1)
    pry (0.10.4)
      coderay (~> 1.1.0)
      method_source (~> 0.8.1)
      slop (~> 3.4)
    rack (1.6.5)
    rack-protection (1.5.3)
      rack
    rainbow (2.2.1)
    rspec (3.5.0)
      rspec-core (~> 3.5.0)
      rspec-expectations (~> 3.5.0)
      rspec-mocks (~> 3.5.0)
    rspec-core (3.5.4)
      rspec-support (~> 3.5.0)
    rspec-expectations (3.5.0)
      diff-lcs (>= 1.2.0, < 2.0)
      rspec-support (~> 3.5.0)
    rspec-mocks (3.5.0)
      diff-lcs (>= 1.2.0, < 2.0)
      rspec-support (~> 3.5.0)
    rspec-support (3.5.0)
    rubocop (0.47.1)
      parser (>= 2.3.3.1, < 3.0)
      powerpack (~> 0.1)
      rainbow (>= 1.99.1, < 3.0)
      ruby-progressbar (~> 1.7)
      unicode-display_width (~> 1.0, >= 1.0.1)
    ruby-progressbar (1.8.1)
    sinatra (1.4.8)
      rack (~> 1.5)
      rack-protection (~> 1.4)
      tilt (>= 1.3, < 3)
    slop (3.6.0)
    tilt (2.0.6)
    unicode-display_width (1.1.3)

PLATFORMS
  ruby

DEPENDENCIES
  pry (~> 0.10.4)
  rspec (~> 3.5)
  rubocop (~> 0.47.1)
  sinatra (~> 1.4, >= 1.4.8)

RUBY VERSION
   ruby 2.4.0p0

BUNDLED WITH
   1.14.6
